GEM
  remote: https://rubygems.org/
  specs:
    addressable (2.7.0)
      public_suffix (>= 2.0.2, < 5.0)
    diff-lcs (1.4.4)
    etcdv3 (0.10.2)
      grpc (~> 1.17)
    faraday (1.3.0)
      faraday-net_http (~> 1.0)
      multipart-post (>= 1.2, < 3)
      ruby2_keywords
    faraday-net_http (1.0.0)
    figaro (1.2.0)
      thor (>= 0.14.0, < 2)
    firebase (0.2.8)
      googleauth
      httpclient (>= 2.5.3)
      json
    foreman (0.87.2)
    google-protobuf (3.14.0)
    googleapis-common-protos-types (1.0.5)
      google-protobuf (~> 3.11)
    googleauth (0.14.0)
      faraday (>= 0.17.3, < 2.0)
      jwt (>= 1.4, < 3.0)
      memoist (~> 0.16)
      multi_json (~> 1.11)
      os (>= 0.9, < 2.0)
      signet (~> 0.14)
    grpc (1.34.0)
      google-protobuf (~> 3.13)
      googleapis-common-protos-types (~> 1.0)
    httpclient (2.8.3)
    json (2.5.1)
    jwt (2.2.2)
    memoist (0.16.2)
    multi_json (1.15.0)
    multipart-post (2.1.1)
    mustermann (1.1.1)
      ruby2_keywords (~> 0.0.1)
    os (1.1.1)
    public_suffix (4.0.6)
    rack (2.2.3)
    rack-protection (2.1.0)
      rack
    rack-test (1.1.0)
      rack (>= 1.0, < 3)
    rspec (3.9.0)
      rspec-core (~> 3.9.0)
      rspec-expectations (~> 3.9.0)
      rspec-mocks (~> 3.9.0)
    rspec-core (3.9.3)
      rspec-support (~> 3.9.3)
    rspec-expectations (3.9.2)
      diff-lcs (>= 1.2.0, < 2.0)
      rspec-support (~> 3.9.0)
    rspec-mocks (3.9.1)
      diff-lcs (>= 1.2.0, < 2.0)
      rspec-support (~> 3.9.0)
    rspec-support (3.9.3)
    ruby2_keywords (0.0.2)
    signet (0.14.0)
      addressable (~> 2.3)
      faraday (>= 0.17.3, < 2.0)
      jwt (>= 1.5, < 3.0)
      multi_json (~> 1.10)
    sinatra (2.1.0)
      mustermann (~> 1.0)
      rack (~> 2.2)
      rack-protection (= 2.1.0)
      tilt (~> 2.0)
    thor (1.0.1)
    tilt (2.0.10)

PLATFORMS
  ruby

DEPENDENCIES
  etcdv3
  figaro
  firebase
  foreman
  rack
  rack-test
  rspec
  sinatra (~> 2.1)

RUBY VERSION
   ruby 2.7.2p137

BUNDLED WITH
   2.1.4
